GEM
  remote: https://rubygems.org/
  specs:
    dotenv (2.7.6)
    influxdb-client (1.12.1)
    senec (0.3.0)

PLATFORMS
  ruby

DEPENDENCIES
  dotenv
  influxdb-client
  senec

BUNDLED WITH
   2.2.3
