GEM
  remote: https://rubygems.org/
  specs:
    dotenv (2.7.6)
    influxdb-client (1.11.0)
    senec (0.3.0)

PLATFORMS
  ruby
  x86_64-darwin-19

DEPENDENCIES
  dotenv
  influxdb-client
  senec

BUNDLED WITH
   2.2.3
